GEM
  remote: https://rubygems.org/
  specs:
    diff-lcs (1.2.5)
    faster_require (0.9.4)
    metaclass (0.0.4)
    mocha (0.10.5)
      metaclass (~> 0.0.1)
    psych (2.0.0)
    rake (0.9.6)
    rspec (3.4.0)
      rspec-core (~> 3.4.0)
      rspec-expectations (~> 3.4.0)
      rspec-mocks (~> 3.4.0)
    rspec-core (3.4.1)
      rspec-support (~> 3.4.0)
    rspec-expectations (3.4.0)
      diff-lcs (>= 1.2.0, < 2.0)
      rspec-support (~> 3.4.0)
    rspec-mocks (3.4.0)
      diff-lcs (>= 1.2.0, < 2.0)
      rspec-support (~> 3.4.0)
    rspec-support (3.4.0)

PLATFORMS
  ruby

DEPENDENCIES
  faster_require
  mocha
  psych
  rake
  rspec
  rspec-core
